GEM
  remote: https://rubygems.org/
  specs:
    holiday_jp (0.8.1)
    nokogiri (1.13.9-x86_64-darwin)
      racc (~> 1.4)
    nokogiri (1.13.9-x86_64-linux)
      racc (~> 1.4)
    racc (1.6.0)

PLATFORMS
  x86_64-darwin-20
  x86_64-linux

DEPENDENCIES
  holiday_jp
  nokogiri

BUNDLED WITH
   2.3.10
