GEM
  remote: https://rubygems.org/
  specs:
    holiday_jp (0.8.0)
    mini_portile2 (2.8.0)
    nokogiri (1.13.2)
      mini_portile2 (~> 2.8.0)
      racc (~> 1.4)
    racc (1.6.0)

PLATFORMS
  ruby

DEPENDENCIES
  holiday_jp
  nokogiri

BUNDLED WITH
   2.2.16
