GEM
  remote: https://rubygems.org/
  specs:
    holiday_jp (0.8.0)
    mini_portile2 (2.6.1)
    nokogiri (1.12.5)
      mini_portile2 (~> 2.6.1)
      racc (~> 1.4)
    racc (1.5.2)

PLATFORMS
  ruby

DEPENDENCIES
  holiday_jp
  nokogiri

BUNDLED WITH
   2.2.16
