GEM
  remote: https://rubygems.org/
  specs:
    holiday_jp (0.8.0)
    mini_portile2 (2.5.3)
    nokogiri (1.11.7)
      mini_portile2 (~> 2.5.0)
      racc (~> 1.4)
    racc (1.5.2)

PLATFORMS
  ruby

DEPENDENCIES
  holiday_jp
  nokogiri

BUNDLED WITH
   2.2.16
