GEM
  remote: https://rubygems.org/
  specs:
    holiday_jp (0.8.1)
    nokogiri (1.13.10-x86_64-darwin)
      racc (~> 1.4)
    racc (1.6.1)

PLATFORMS
  x86_64-darwin-20
  x86_64-darwin-21

DEPENDENCIES
  holiday_jp
  nokogiri

BUNDLED WITH
   2.3.7
